GEM
  remote: https://rubygems.org/
  specs:
    rake (11.2.2)

PLATFORMS
  ruby

DEPENDENCIES
  rake (= 11.2.2)

BUNDLED WITH
   1.13.0
